GEM
  remote: https://rubygems.org/
  specs:
    daemon_controller (1.2.0)
    daemons (1.1.9)
    eventmachine (1.0.4)
    json (1.8.2)
    passenger (4.0.53)
      daemon_controller (>= 1.2.0)
      rack
      rake (>= 0.8.1)
    pg (0.17.1)
    rack (1.6.0)
    rack-protection (1.5.3)
      rack
    rake (10.4.2)
    sequel (4.15.0)
    sinatra (1.4.5)
      rack (~> 1.4)
      rack-protection (~> 1.4)
      tilt (~> 1.3, >= 1.3.4)
    sinatra-flash (0.3.0)
      sinatra (>= 1.0.0)
    sqlite3 (1.3.9)
    thin (1.6.3)
      daemons (~> 1.0, >= 1.0.9)
      eventmachine (~> 1.0)
      rack (~> 1.0)
    tilt (1.4.1)

PLATFORMS
  ruby

DEPENDENCIES
  json
  passenger (~> 4.0.53)
  pg
  rake
  sequel
  sinatra
  sinatra-flash
  sqlite3
  thin
